GEM
  remote: https://rubygems.org/
  specs:
    httpclient (2.6.0.1)
    inifile (3.0.0)
    mini_portile (0.6.2)
    nokogiri (1.6.6.2)
      mini_portile (~> 0.6.0)
    paint (0.9.0)

PLATFORMS
  ruby

DEPENDENCIES
  httpclient (~> 2.6.0.1)
  inifile (~> 3.0.0)
  nokogiri (~> 1.6.6.2)
  paint (~> 0.9.0)
